GIT
  remote: git://github.com/afeld/magickly.git
  revision: 060b1ffba9f45ac1423c3f78f3135e9a844aaece
  specs:
    magickly (1.4.0)
      activesupport (>= 2.0.0)
      addressable (~> 2.2)
      dragonfly (~> 0.9.14)
      httparty (~> 0.8)
      sinatra (~> 1.2)

GEM
  remote: https://rubygems.org/
  specs:
    activesupport (3.2.13)
      i18n (= 0.6.1)
      multi_json (~> 1.0)
    addressable (2.3.5)
    crack (0.4.1)
      safe_yaml (~> 0.9.0)
    diff-lcs (1.2.5)
    dotenv (0.9.0)
    dragonfly (0.9.15)
      multi_json (~> 1.0)
      rack
    exifr (1.1.3)
    foreman (0.63.0)
      dotenv (>= 0.7)
      thor (>= 0.13.6)
    fspath (2.1.0)
    honeybadger (1.8.1)
      json
    httparty (0.12.0)
      json (~> 1.8)
      multi_xml (>= 0.5.2)
    i18n (0.6.1)
    image_optim (0.12.1)
      exifr (~> 1.1.3)
      fspath (~> 2.1.0)
      image_size (~> 1.2.0)
      in_threads (~> 1.2.0)
      progress (~> 3.0.0)
    image_size (1.2.0)
    in_threads (1.2.0)
    json (1.8.0)
    kgio (2.8.0)
    multi_json (1.8.0)
    multi_xml (0.5.5)
    newrelic_rpm (3.6.7.152)
    progress (3.0.0)
    rack (1.4.5)
    rack-health (0.1.2)
      rack (>= 1.2.0)
    rack-protection (1.5.0)
      rack
    rack-test (0.6.2)
      rack (>= 1.0)
    raindrops (0.12.0)
    rspec (2.14.1)
      rspec-core (~> 2.14.0)
      rspec-expectations (~> 2.14.0)
      rspec-mocks (~> 2.14.0)
    rspec-core (2.14.7)
    rspec-expectations (2.14.5)
      diff-lcs (>= 1.1.3, < 2.0)
    rspec-mocks (2.14.6)
    safe_yaml (0.9.7)
    sinatra (1.4.4)
      rack (~> 1.4)
      rack-protection (~> 1.4)
      tilt (~> 1.3, >= 1.3.4)
    thor (0.18.1)
    tilt (1.4.1)
    unicorn (4.6.3)
      kgio (~> 2.6)
      rack
      raindrops (~> 0.7)
    webmock (1.8.6)
      addressable (>= 2.2.7)
      crack (>= 0.1.7)

PLATFORMS
  ruby

DEPENDENCIES
  foreman
  honeybadger
  image_optim
  magickly!
  newrelic_rpm
  rack-health
  rack-protection (= 1.5.0)
  rack-test
  rspec
  unicorn
  webmock
